PATH
  remote: .
  specs:
    dtk-client (0.0.1)
      colorize (= 0.7.7)
      dtk-common-core (= 0.9.0)
      git (= 1.2.9)
      gli (= 2.13.4)
      highline (= 1.7.8)

GEM
  remote: https://rubygems.org/
  specs:
    colorize (0.7.7)
    dtk-common-core (0.9.0)
      rest-client (= 1.6.7)
    git (1.2.9)
    gli (2.13.4)
    highline (1.7.8)
    mime-types (3.1)
      mime-types-data (~> 3.2015)
    mime-types-data (3.2016.0521)
    rest-client (1.6.7)
      mime-types (>= 1.16)

PLATFORMS
  ruby

DEPENDENCIES
  dtk-client!

BUNDLED WITH
   1.10.6
